GEM
  remote: https://rubygems.org/
  specs:
    mini_portile (0.6.2)
    nokogiri (1.6.5)
      mini_portile (~> 0.6.0)
    rainbow (2.0.0)
    wolfram-alpha (0.3.1)
      nokogiri

PLATFORMS
  ruby

DEPENDENCIES
  rainbow
  wolfram-alpha
